GEM
  remote: http://rubygems.org/
  specs:
    ffi (1.9.25)
    rb-fsevent (0.10.3)
    rb-inotify (0.9.10)
      ffi (>= 0.5.0, < 2)
    sass (3.6.0)
      sass-listen (~> 4.0.0)
    sass-globbing (1.1.5)
      sass (>= 3.1)
    sass-listen (4.0.0)
      rb-fsevent (~> 0.9, >= 0.9.4)
      rb-inotify (~> 0.9, >= 0.9.7)

PLATFORMS
  ruby

DEPENDENCIES
  sass (= 3.6.0)
  sass-globbing (= 1.1.5)

BUNDLED WITH
   1.16.2
